PATH
  remote: .
  specs:
    stratify-base (0.1.0)
      bson_ext (~> 1.3.1)
      mongoid (~> 2.0.2)
      tilt (~> 1.3.2)

GEM
  remote: http://rubygems.org/
  specs:
    activemodel (3.1.0.rc1)
      activesupport (= 3.1.0.rc1)
      bcrypt-ruby (~> 2.1.4)
      builder (~> 3.0.0)
      i18n (~> 0.6.0beta1)
    activesupport (3.1.0.rc1)
      multi_json (~> 1.0)
    bcrypt-ruby (2.1.4)
    bson (1.3.1)
    bson_ext (1.3.1)
    builder (3.0.0)
    database_cleaner (0.6.7)
    diff-lcs (1.1.2)
    i18n (0.6.0)
    mocha (0.9.12)
    mongo (1.3.1)
      bson (>= 1.3.1)
    mongoid (2.0.2)
      activemodel (~> 3.0)
      mongo (~> 1.3)
      tzinfo (~> 0.3.22)
    multi_json (1.0.3)
    rspec (2.6.0)
      rspec-core (~> 2.6.0)
      rspec-expectations (~> 2.6.0)
      rspec-mocks (~> 2.6.0)
    rspec-core (2.6.3)
    rspec-expectations (2.6.0)
      diff-lcs (~> 1.1.2)
    rspec-mocks (2.6.0)
    tilt (1.3.2)
    tzinfo (0.3.27)

PLATFORMS
  ruby

DEPENDENCIES
  database_cleaner (~> 0.6.7)
  mocha (~> 0.9.12)
  rspec (~> 2.6.0)
  stratify-base!
