PATH
  remote: .
  specs:
    stratify-instapaper (0.1.3.1)
      railties (~> 3.2.0)
      stratify-base (~> 0.1.3)
      thoughtafter-simple-rss (~> 1.2.3)

GEM
  remote: http://rubygems.org/
  specs:
    actionpack (3.2.3)
      activemodel (= 3.2.3)
      activesupport (= 3.2.3)
      builder (~> 3.0.0)
      erubis (~> 2.7.0)
      journey (~> 1.0.1)
      rack (~> 1.4.0)
      rack-cache (~> 1.2)
      rack-test (~> 0.6.1)
      sprockets (~> 2.1.2)
    activemodel (3.2.3)
      activesupport (= 3.2.3)
      builder (~> 3.0.0)
    activesupport (3.2.3)
      i18n (~> 0.6)
      multi_json (~> 1.0)
    bson (1.6.2)
    bson_ext (1.3.1)
    builder (3.0.0)
    database_cleaner (0.7.2)
    diff-lcs (1.1.3)
    erubis (2.7.0)
    fakeweb (1.3.0)
    hike (1.2.1)
    i18n (0.6.0)
    journey (1.0.3)
    json (1.7.0)
    mongo (1.6.2)
      bson (~> 1.6.2)
    mongoid (2.0.2)
      activemodel (~> 3.0)
      mongo (~> 1.3)
      tzinfo (~> 0.3.22)
    multi_json (1.3.2)
    rack (1.4.1)
    rack-cache (1.2)
      rack (>= 0.4)
    rack-ssl (1.3.2)
      rack
    rack-test (0.6.1)
      rack (>= 1.0)
    railties (3.2.3)
      actionpack (= 3.2.3)
      activesupport (= 3.2.3)
      rack-ssl (~> 1.3.2)
      rake (>= 0.8.7)
      rdoc (~> 3.4)
      thor (~> 0.14.6)
    rake (0.9.2.2)
    rdoc (3.12)
      json (~> 1.4)
    rspec (2.9.0)
      rspec-core (~> 2.9.0)
      rspec-expectations (~> 2.9.0)
      rspec-mocks (~> 2.9.0)
    rspec-core (2.9.0)
    rspec-expectations (2.9.1)
      diff-lcs (~> 1.1.3)
    rspec-mocks (2.9.0)
    sprockets (2.1.3)
      hike (~> 1.2)
      rack (~> 1.0)
      tilt (~> 1.1, != 1.3.0)
    stratify-base (0.1.3)
      bson_ext (~> 1.3.1)
      mongoid (~> 2.0.2)
      tilt (~> 1.3.2)
    thor (0.14.6)
    thoughtafter-simple-rss (1.2.3.3)
    tilt (1.3.3)
    tzinfo (0.3.33)
    vcr (1.10.0)

PLATFORMS
  ruby

DEPENDENCIES
  database_cleaner (~> 0.7.2)
  fakeweb (~> 1.3.0)
  rake (~> 0.9.2)
  rspec (~> 2.9.0)
  stratify-instapaper!
  vcr (~> 1.10.0)
